GEM
  remote: http://rubygems.org/
  specs:
    awesome_print (1.2.0)
    mime-types (2.0)
    mini_portile (0.5.2)
    nokogiri (1.6.0)
      mini_portile (~> 0.5.0)
    nokogiri (1.6.0-x86-mingw32)
      mini_portile (~> 0.5.0)
    nokogiri-pretty (0.1.0)
      nokogiri
    nori (2.3.0)
    rest-client (1.6.7)
      mime-types (>= 1.16)

PLATFORMS
  ruby
  x86-mingw32

DEPENDENCIES
  awesome_print
  nokogiri
  nokogiri-pretty
  nori
  rest-client
