GEM
  remote: http://rubygems.org/
  specs:
    awesome_print (1.7.0)
    highline (1.7.8)
    mime-types (2.0)
    mini_portile2 (2.1.0)
    nokogiri (1.6.8)
      mini_portile2 (~> 2.1.0)
      pkg-config (~> 1.1.7)
    nokogiri (1.6.8-x86-mingw32)
      mini_portile2 (~> 2.1.0)
      pkg-config (~> 1.1.7)
    nokogiri-pretty (0.1.0)
      nokogiri
    nori (2.6.0)
    pkg-config (1.1.7)
    rest-client (1.6.7)
      mime-types (>= 1.16)

PLATFORMS
  ruby
  x86-mingw32

DEPENDENCIES
  awesome_print (= 1.7.0)
  highline (= 1.7.8)
  mime-types (= 2.0)
  nokogiri (= 1.6.8)
  nokogiri-pretty (= 0.1.0)
  nori (= 2.6.0)
  rest-client (= 1.6.7)

BUNDLED WITH
   1.13.6
