GEM
  remote: http://rubygems.org/
  specs:
    awesome_print (1.2.0)
    mime-types (2.0)
    nori (2.3.0)
    rest-client (1.6.7)
      mime-types (>= 1.16)

PLATFORMS
  ruby

DEPENDENCIES
  awesome_print
  nori
  rest-client
